GEM
  remote: http://rubygems.org/
  specs:
    sqlite3 (1.3.3)
    veritas (0.0.2)

PLATFORMS
  ruby

DEPENDENCIES
  sqlite3
  veritas
