GIT
  remote: git://github.com/dkubb/veritas.git
  revision: 81c4f93b7b2db84a483dc3004d4374b41c4d1727
  specs:
    veritas (0.0.3)

PATH
  remote: veritas-optimizer
  specs:
    veritas-optimizer (0.0.3)
      veritas (= 0.0.3)

GEM
  remote: http://rubygems.org/
  specs:
    faker (0.9.5)
      i18n (~> 0.4)
    i18n (0.5.0)
    ruby-graphviz (0.9.21)
    sqlite3 (1.3.3)

PLATFORMS
  ruby

DEPENDENCIES
  faker
  ruby-graphviz
  sqlite3
  veritas!
  veritas-optimizer!
